GEM
  remote: https://rubygems.org/
  specs:
    aasm (4.12.3)
      concurrent-ruby (~> 1.0)
    coderay (1.1.2)
    concurrent-ruby (1.0.5)
    gosu (0.13.2)
    method_source (0.9.0)
    pry (0.11.3)
      coderay (~> 1.1.0)
      method_source (~> 0.9.0)

PLATFORMS
  ruby

DEPENDENCIES
  aasm
  gosu
  pry

BUNDLED WITH
   1.16.1
